GEM
  remote: http://rubygems.org/
  specs:
    actionmailer (2.3.14)
      actionpack (= 2.3.14)
    actionpack (2.3.14)
      activesupport (= 2.3.14)
      rack (~> 1.1.0)
    activerecord (2.3.14)
      activesupport (= 2.3.14)
    activeresource (2.3.14)
      activesupport (= 2.3.14)
    activesupport (2.3.14)
    authlogic (2.1.6)
      activesupport
    haml (3.0.25)
    nifty-generators (0.4.6)
    pg (0.11.0)
    rack (1.1.3)
    rails (2.3.14)
      actionmailer (= 2.3.14)
      actionpack (= 2.3.14)
      activerecord (= 2.3.14)
      activeresource (= 2.3.14)
      activesupport (= 2.3.14)
      rake (>= 0.8.3)
    rake (0.9.2.2)

PLATFORMS
  ruby

DEPENDENCIES
  activesupport (~> 2.3.14)
  authlogic
  haml (~> 3.0.18)
  nifty-generators
  pg (~> 0.11.0)
  rails (~> 2.3.14)
